PATH
  remote: .
  specs:
    code_manifest (1.7.0)
      psych (>= 4.0.0)

GEM
  remote: https://rubygems.org/
  specs:
    diff-lcs (1.5.0)
    psych (5.1.2)
      stringio
    rake (13.0.6)
    rspec (3.11.0)
      rspec-core (~> 3.11.0)
      rspec-expectations (~> 3.11.0)
      rspec-mocks (~> 3.11.0)
    rspec-core (3.11.0)
      rspec-support (~> 3.11.0)
    rspec-expectations (3.11.1)
      diff-lcs (>= 1.2.0, < 2.0)
      rspec-support (~> 3.11.0)
    rspec-mocks (3.11.1)
      diff-lcs (>= 1.2.0, < 2.0)
      rspec-support (~> 3.11.0)
    rspec-support (3.11.1)
    stringio (3.1.0)

PLATFORMS
  arm64-darwin-21
  arm64-darwin-22
  arm64-darwin-23
  x86_64-linux

DEPENDENCIES
  code_manifest!
  rake (~> 13.0)
  rspec (~> 3.0)

BUNDLED WITH
   2.5.4
